GEM
  remote: https://rubygems.org/
  specs:
    eventmachine (1.2.7)

PLATFORMS
  ruby

DEPENDENCIES
  eventmachine (= 1.2.7)

BUNDLED WITH
   2.0.1
